GEM
  remote: https://rubygems.org/
  specs:
    4me-sdk (2.0.2)
      activesupport (>= 4.2)
      gem_config (>= 0.3)
      mime-types (>= 3.0)
    activesupport (6.1.4.1)
      concurrent-ruby (~> 1.0, >= 1.0.2)
      i18n (>= 1.6, < 2)
      minitest (>= 5.1)
      tzinfo (~> 2.0)
      zeitwerk (~> 2.3)
    concurrent-ruby (1.1.9)
    gem_config (0.3.2)
    i18n (1.8.10)
      concurrent-ruby (~> 1.0)
    mime-types (3.3.1)
      mime-types-data (~> 3.2015)
    mime-types-data (3.2021.0901)
    minitest (5.14.4)
    tzinfo (2.0.4)
      concurrent-ruby (~> 1.0)
    zeitwerk (2.4.2)

PLATFORMS
  ruby
  x86_64-darwin-19

DEPENDENCIES
  4me-sdk

BUNDLED WITH
   1.17.3
